PATH
  remote: .
  specs:
    omniauth-wonde (0.1.0)

GEM
  remote: https://rubygems.org/
  specs:
    rake (13.0.1)

PLATFORMS
  ruby

DEPENDENCIES
  bundler (~> 1.16)
  omniauth-wonde!
  rake (~> 13.0)

BUNDLED WITH
   1.16.2
